GEM
  remote: https://rubygems.org/
  specs:
    builder (3.2.0)
    cucumber (1.2.5)
      builder (>= 2.1.2)
      diff-lcs (>= 1.1.3)
      gherkin (~> 2.11.7)
      multi_json (~> 1.3)
    diff-lcs (1.2.3)
    gherkin (2.11.8)
      multi_json (~> 1.3)
    multi_json (1.7.2)
    rspec (2.14.0)
      rspec-core (~> 2.14.0)
      rspec-expectations (~> 2.14.0)
      rspec-mocks (~> 2.14.0)
    rspec-core (2.14.2)
    rspec-expectations (2.14.0)
      diff-lcs (>= 1.1.3, < 2.0)
    rspec-mocks (2.14.1)

PLATFORMS
  ruby

DEPENDENCIES
  cucumber (~> 1.2.5)
  rspec (~> 2.14.0)
